GEM
  remote: https://rubygems.org/
  specs:
    bcrypt (3.1.20)

PLATFORMS
  x86_64-linux-gnu

DEPENDENCIES
  bcrypt (~> 3.1.7)

BUNDLED WITH
   2.4.20
